PATH
  remote: .
  specs:
    chopshop-logreader (0.1.1)

GEM
  remote: https://rubygems.org/
  specs:
    minitest (5.14.4)
    rake (10.5.0)

PLATFORMS
  ruby

DEPENDENCIES
  bundler (~> 1.17)
  chopshop-logreader!
  minitest (~> 5.0)
  rake (~> 10.0)

BUNDLED WITH
   1.17.2
